GEM
  remote: http://rubygems.org/
  specs:
    RedCloth (4.2.3)
    SyslogLogger (1.4.0)
      hoe (>= 1.2.0)
    ZenTest (4.5.0)
    actionmailer (2.3.11)
      actionpack (= 2.3.11)
    actionpack (2.3.11)
      activesupport (= 2.3.11)
      rack (~> 1.1.0)
    activerecord (2.3.11)
      activesupport (= 2.3.11)
    activeresource (2.3.11)
      activesupport (= 2.3.11)
    activesupport (2.3.11)
    authlogic (2.1.6)
      activesupport
    autotest (4.4.6)
      ZenTest (>= 4.4.1)
    autotest-rails (4.1.1)
      ZenTest (= 4.5)
    comma (0.4.1)
      activesupport (>= 2.2.2)
    fast_gettext (0.5.13)
    fastercsv (1.5.4)
    gettext (2.1.0)
      locale (>= 2.0.5)
    gettext_i18n_rails (0.2.20)
      fast_gettext
    hoe (2.12.3)
      rake (~> 0.8)
    locale (2.0.5)
    metaclass (0.0.1)
    mocha (0.10.0)
      metaclass (~> 0.0.1)
    mysql (2.8.1)
    notifier (0.1.3)
    prawn (0.6.3)
      prawn-core (< 0.7, >= 0.6.3)
      prawn-format (< 0.3, >= 0.2.3)
      prawn-layout (< 0.4, >= 0.3.2)
      prawn-security (< 0.2, >= 0.1.1)
    prawn-core (0.6.3)
    prawn-format (0.2.3)
      prawn-core
    prawn-layout (0.3.2)
    prawn-security (0.1.1)
    rack (1.1.2)
    rails (2.3.11)
      actionmailer (= 2.3.11)
      actionpack (= 2.3.11)
      activerecord (= 2.3.11)
      activeresource (= 2.3.11)
      activesupport (= 2.3.11)
      rake (>= 0.8.3)
    rake (0.9.2)
    redgreen (1.2.2)
    sqlite3-ruby (1.2.5)
    test_notifier (0.4.0)
      notifier
    will_paginate (2.3.16)

PLATFORMS
  ruby

DEPENDENCIES
  RedCloth (= 4.2.3)
  SyslogLogger
  authlogic (= 2.1.6)
  autotest
  autotest-rails
  comma
  fast_gettext (>= 0.5)
  fastercsv
  gettext (>= 1.9.3)
  gettext_i18n_rails
  mocha
  mysql
  prawn (= 0.6.3)
  prawn-format
  rails (= 2.3.11)
  redgreen
  sqlite3-ruby (= 1.2.5)
  test_notifier
  will_paginate (~> 2.3.11)
