GEM
  remote: http://rubygems.org/
  specs:
    RedCloth (4.2.3)
    SyslogLogger (1.4.0)
      hoe (>= 1.2.0)
    actionmailer (2.3.11)
      actionpack (= 2.3.11)
    actionpack (2.3.11)
      activesupport (= 2.3.11)
      rack (~> 1.1.0)
    activerecord (2.3.11)
      activesupport (= 2.3.11)
    activeresource (2.3.11)
      activesupport (= 2.3.11)
    activesupport (2.3.11)
    authlogic (2.1.6)
      activesupport
    comma (0.4.1)
      activesupport (>= 2.2.2)
    fast_gettext (0.5.11)
    gettext (2.1.0)
      locale (>= 2.0.5)
    gettext_i18n_rails (0.2.19)
      fast_gettext
    hoe (2.9.4)
      rake (>= 0.8.7)
    locale (2.0.5)
    mocha (0.9.12)
    prawn (0.6.3)
      prawn-core (>= 0.6.3, < 0.7)
      prawn-format (>= 0.2.3, < 0.3)
      prawn-layout (>= 0.3.2, < 0.4)
      prawn-security (>= 0.1.1, < 0.2)
    prawn-core (0.6.3)
    prawn-format (0.2.3)
      prawn-core
    prawn-layout (0.3.2)
    prawn-security (0.1.1)
    rack (1.1.2)
    rails (2.3.11)
      actionmailer (= 2.3.11)
      actionpack (= 2.3.11)
      activerecord (= 2.3.11)
      activeresource (= 2.3.11)
      activesupport (= 2.3.11)
      rake (>= 0.8.3)
    rake (0.9.0)
    sqlite3 (1.3.3)
    will_paginate (2.3.15)

PLATFORMS
  ruby

DEPENDENCIES
  RedCloth (= 4.2.3)
  SyslogLogger
  authlogic
  comma
  fast_gettext (>= 0.5)
  gettext (>= 1.9.3)
  gettext_i18n_rails
  mocha
  prawn (= 0.6.3)
  prawn-format
  rails (= 2.3.11)
  sqlite3
  will_paginate (~> 2.3.11)
